NRRD0004
# Complete NRRD file format specification at:
# http://teem.sourceforge.net/nrrd/format.html
type: short
dimension: 3
space: left-posterior-superior
sizes: 256 256 124
space directions: (0,0.9375,0) (0,0,-0.9375) (-1.5,0,0)
kinds: domain domain domain
endian: little
encoding: gzip
space origin: (89.95,-133.3,91.9997)
data file: spgr.raw.gz
